GEM
  remote: https://rubygems.org/
  specs:
    anemone (0.7.2)
      nokogiri (>= 1.3.0)
      robotex (>= 1.0.0)
    image_size (1.4.2)
    log4r (1.1.10)
    mini_portile2 (2.1.0)
    nokogiri (1.6.8)
      mini_portile2 (~> 2.1.0)
      pkg-config (~> 1.1.7)
    parallel (1.9.0)
    phantomjs (2.1.1.0)
    pkg-config (1.1.7)
    rake (11.2.2)
    robotex (1.0.0)
    thor (0.19.1)
    wraith (3.2.1)
      anemone
      image_size
      log4r
      nokogiri (~> 1.6.7)
      parallel
      rake
      robotex
      thor

PLATFORMS
  ruby

DEPENDENCIES
  phantomjs (~> 2.0)
  wraith (~> 3.0)

BUNDLED WITH
   1.10.6
